GIT
  remote: https://github.com/rspec/rspec-core.git
  revision: ea8554afd1a2b63677c6593059fa8f2476181deb
  branch: main
  specs:
    rspec-core (3.11.0.pre)
      rspec-support (= 3.11.0.pre)

GIT
  remote: https://github.com/rspec/rspec-expectations.git
  revision: 4e7011fe8ac68b74621336b07f894879c8da202d
  branch: main
  specs:
    rspec-expectations (3.11.0.pre)
      diff-lcs (>= 1.2.0, < 2.0)
      rspec-support (= 3.11.0.pre)

GIT
  remote: https://github.com/rspec/rspec-mocks.git
  revision: 97c972be57f2c060a4a7fb8a3c5700a5ede693f0
  branch: main
  specs:
    rspec-mocks (3.11.0.pre)
      diff-lcs (>= 1.2.0, < 2.0)
      rspec-support (= 3.11.0.pre)

GIT
  remote: https://github.com/rspec/rspec-support.git
  revision: d04c8aef72d030fc354902f1e1b486b5c21e0732
  branch: main
  specs:
    rspec-support (3.11.0.pre)

GEM
  remote: https://rubygems.org/
  specs:
    addressable (2.7.0)
      public_suffix (>= 2.0.2, < 5.0)
    crack (0.4.5)
      rexml
    diff-lcs (1.4.4)
    down (5.2.0)
      addressable (~> 2.5)
    hashdiff (1.0.1)
    mono_logger (1.1.0)
    multi_json (1.15.0)
    mustermann (1.1.1)
      ruby2_keywords (~> 0.0.1)
    public_suffix (4.0.6)
    rack (2.2.3)
    rack-protection (2.1.0)
      rack
    redis (4.2.5)
    redis-namespace (1.8.1)
      redis (>= 3.0.4)
    resque (2.0.0)
      mono_logger (~> 1.0)
      multi_json (~> 1.0)
      redis-namespace (~> 1.6)
      sinatra (>= 0.9.2)
      vegas (~> 0.1.2)
    rexml (3.2.4)
    ruby2_keywords (0.0.4)
    sinatra (2.1.0)
      mustermann (~> 1.0)
      rack (~> 2.2)
      rack-protection (= 2.1.0)
      tilt (~> 2.0)
    tilt (2.0.10)
    vcr (6.0.0)
    vegas (0.1.11)
      rack (>= 1.0.0)
    webmock (3.12.0)
      addressable (>= 2.3.6)
      crack (>= 0.3.2)
      hashdiff (>= 0.4.0, < 2.0.0)

PLATFORMS
  ruby

DEPENDENCIES
  down (~> 5.0)
  resque (~> 2.0)
  rspec-core!
  rspec-expectations!
  rspec-mocks!
  rspec-support!
  vcr
  webmock

RUBY VERSION
   ruby 2.6.3p62

BUNDLED WITH
   2.2.12
